GEM
  remote: http://rubygems.org/
  specs:
    columnize (0.3.6)
    debugger (1.6.2)
      columnize (>= 0.3.1)
      debugger-linecache (~> 1.2.0)
      debugger-ruby_core_source (~> 1.2.3)
    debugger-linecache (1.2.0)
    debugger-ruby_core_source (1.2.3)
    dotenv (0.9.0)
    foreman (0.63.0)
      dotenv (>= 0.7)
      thor (>= 0.13.6)
    httpclient (2.3.4.1)
    json (1.8.0)
    multi_json (1.8.0)
    neography (1.2.0)
      httpclient (>= 2.3.3)
      json (>= 1.7.7)
      multi_json (>= 1.3.2)
      os (>= 0.9.6)
      rubyzip (~> 1.0.0)
    os (0.9.6)
    rubyzip (1.0.0)
    thor (0.18.1)

PLATFORMS
  ruby

DEPENDENCIES
  debugger (~> 1.2)
  foreman
  neography
